PATH
  remote: .
  specs:
    privat24 (0.0.1)

GEM
  remote: https://rubygems.org/
  specs:
    rake (10.3.2)

PLATFORMS
  ruby

DEPENDENCIES
  privat24!
  rake
